GEM
  remote: https://rubygems.org/
  specs:
    ZenTest (4.9.1)
    autotest (4.4.6)
      ZenTest (>= 4.4.1)
    metaclass (0.0.1)
    mocha (0.14.0)
      metaclass (~> 0.0.1)

PLATFORMS
  ruby

DEPENDENCIES
  autotest
  mocha
